GEM
  remote: https://rubygems.org/
  specs:
    colorize (0.8.1)

PLATFORMS
  x86_64-darwin-18

DEPENDENCIES
  colorize (~> 0.8.1)

BUNDLED WITH
   2.3.25
